GEM
  remote: http://rubygems.org/
  specs:
    activemodel (3.1.0)
      activesupport (= 3.1.0)
      bcrypt-ruby (~> 3.0.0)
      builder (~> 3.0.0)
      i18n (~> 0.6)
    activerecord (3.1.0)
      activemodel (= 3.1.0)
      activesupport (= 3.1.0)
      arel (~> 2.2.1)
      tzinfo (~> 0.3.29)
    activesupport (3.1.0)
      multi_json (~> 1.0)
    arel (2.2.1)
    bcrypt-ruby (3.0.1)
    builder (3.0.0)
    diff-lcs (1.1.3)
    i18n (0.6.0)
    innate (2011.04)
      rack (>= 1.1.0)
    multi_json (1.0.3)
    rack (1.3.3)
    rake (12.3.3)
    ramaze (2011.07.25)
      innate (>= 2010.03)
    rdoc (3.6.1)
    rspec (2.6.0)
      rspec-core (~> 2.6.0)
      rspec-expectations (~> 2.6.0)
      rspec-mocks (~> 2.6.0)
    rspec-core (2.6.4)
    rspec-expectations (2.6.0)
      diff-lcs (~> 1.1.2)
    rspec-mocks (2.6.0)
    sqlite3 (1.3.4)
    sqlite3-ruby (1.3.3)
      sqlite3 (>= 1.3.3)
    tzinfo (0.3.29)

PLATFORMS
  ruby

DEPENDENCIES
  activemodel (~> 3.1.0)
  activerecord (~> 3.1.0)
  activesupport (~> 3.1.0)
  arel (~> 2.2.1)
  bcrypt-ruby (~> 3.0.1)
  builder (~> 3.0.0)
  diff-lcs (~> 1.1.3)
  i18n (~> 0.6.0)
  innate (~> 2011.04)
  multi_json (~> 1.0.3)
  rack (~> 1.3.3)
  rake (~> 12.3.3)
  ramaze (~> 2011.07.25)
  rdoc (~> 3.6.1)
  rspec (~> 2.6.0)
  rspec-core (~> 2.6.4)
  rspec-expectations (~> 2.6.0)
  rspec-mocks (~> 2.6.0)
  sqlite3 (~> 1.3.4)
  sqlite3-ruby (~> 1.3.3)
  tzinfo (~> 0.3.29)
