GEM
  remote: http://rubygems.org/
  specs:
    activemodel (6.0.2.1)
      activesupport (= 6.0.2.1)
    activerecord (6.0.2.1)
      activemodel (= 6.0.2.1)
      activesupport (= 6.0.2.1)
    activesupport (6.0.2.1)
      concurrent-ruby (~> 1.0, >= 1.0.2)
      i18n (>= 0.7, < 2)
      minitest (~> 5.1)
      tzinfo (~> 1.1)
      zeitwerk (~> 2.2)
    arel (9.0.0)
    bcrypt-ruby (3.0.1)
    builder (3.0.4)
    concurrent-ruby (1.1.6)
    diff-lcs (1.1.3)
    i18n (1.8.2)
      concurrent-ruby (~> 1.0)
    innate (2011.12)
      rack (~> 1.4.0)
    minitest (5.14.0)
    multi_json (1.0.4)
    rack (1.4.7)
    rake (13.0.1)
    ramaze (2011.07.25)
      innate (>= 2010.03)
    rdoc (6.2.1)
    rspec (2.6.0)
      rspec-core (~> 2.6.0)
      rspec-expectations (~> 2.6.0)
      rspec-mocks (~> 2.6.0)
    rspec-core (2.6.4)
    rspec-expectations (2.6.0)
      diff-lcs (~> 1.1.2)
    rspec-mocks (2.6.0)
    sqlite3 (1.4.2)
    thread_safe (0.3.6)
    tzinfo (1.2.6)
      thread_safe (~> 0.1)
    zeitwerk (2.3.0)

PLATFORMS
  ruby

DEPENDENCIES
  activemodel
  activerecord
  activesupport
  arel
  bcrypt-ruby (~> 3.0.1)
  builder (~> 3.0.0)
  diff-lcs (~> 1.1.3)
  i18n
  innate (~> 2011.04)
  multi_json (~> 1.0.3)
  rack
  rake
  ramaze (~> 2011.07.25)
  rdoc
  rspec (~> 2.6.0)
  rspec-core (~> 2.6.4)
  rspec-expectations (~> 2.6.0)
  rspec-mocks (~> 2.6.0)
  sqlite3
  tzinfo

BUNDLED WITH
   1.17.2
